PATH
  remote: .
  specs:
    top_ten (0.1.9)
      nokogiri

GEM
  remote: https://rubygems.org/
  specs:
    coderay (1.1.0)
    method_source (0.9.0)
    mini_portile2 (2.3.0)
    nokogiri (1.8.2)
      mini_portile2 (~> 2.3.0)
    pry (0.11.3)
      coderay (~> 1.1.0)
      method_source (~> 0.9.0)
    rake (10.4.2)

PLATFORMS
  ruby

DEPENDENCIES
  bundler (~> 1.16)
  pry (~> 0.11.3)
  rake (~> 10.0)
  top_ten!

BUNDLED WITH
   1.16.1
